GEM
  remote: https://rubygems.org/
  specs:
    chronic (0.10.2)
    httparty (0.14.0)
      multi_xml (>= 0.5.2)
    icalendar (2.4.1)
    multi_xml (0.6.0)
    rack (1.6.5)
    rack-protection (1.5.3)
      rack
    sinatra (1.4.8)
      rack (~> 1.5)
      rack-protection (~> 1.4)
      tilt (>= 1.3, < 3)
    tilt (2.0.7)

PLATFORMS
  ruby

DEPENDENCIES
  chronic
  httparty
  icalendar
  sinatra

RUBY VERSION
   ruby 2.3.1p112

BUNDLED WITH
   1.14.5
